PATH
  remote: .
  specs:
    zendesk_client (0.1.0)
      faraday (~> 0.7.3)
      faraday_middleware (= 0.7.0)
      hashie (~> 1.0.0)
      multi_json (~> 1.0.0)
      multi_xml (~> 0.2.0)
      patron

GEM
  remote: http://rubygems.org/
  specs:
    addressable (2.2.6)
    coderay (0.9.8)
    crack (0.1.8)
    faraday (0.7.5)
      addressable (~> 2.2.6)
      multipart-post (~> 1.1.3)
      rack (>= 1.1.0, < 2)
    faraday_middleware (0.7.0)
      faraday (~> 0.7.3)
    hashie (1.0.0)
    method_source (0.6.7)
      ruby_parser (>= 2.3.1)
    minitest (2.2.2)
    multi_json (1.0.4)
    multi_xml (0.2.2)
    multipart-post (1.1.4)
    nokogiri (1.5.0)
    patron (0.4.16)
    pry (0.9.7.4)
      coderay (~> 0.9.8)
      method_source (~> 0.6.7)
      ruby_parser (>= 2.3.1)
      slop (~> 2.1.0)
    rack (1.4.0)
    rake (0.9.2)
    ruby_parser (2.3.1)
      sexp_processor (~> 3.0)
    sexp_processor (3.0.9)
    slop (2.1.0)
    webmock (1.6.4)
      addressable (~> 2.2, > 2.2.5)
      crack (>= 0.1.7)
    yajl-ruby (1.4.1)
    yard (0.7.2)

PLATFORMS
  ruby

DEPENDENCIES
  minitest
  nokogiri (~> 1.4)
  pry
  rake (~> 0.8)
  webmock (~> 1.6)
  yajl-ruby (~> 1.4.1)
  yard (~> 0.7)
  zendesk_client!
